{
"Modality": "MR",
"MagneticFieldStrength": 3,
"ImagingFrequency": 123.256,
"Manufacturer": "Siemens",
"ManufacturersModelName": "TrioTim",
"InstitutionName": "Washington_University",
"InstitutionalDepartmentName": "Department",
"InstitutionAddress": "Scott_Ave._4525_St._Louis_MO_US_63110",
"DeviceSerialNumber": "35177",
"StationName": "MRC35177",
"BodyPartExamined": "HEAD",
"PatientPosition": "HFS",
"ProcedureStepDescription": "head_Dosenbach_MSC",
"SoftwareVersions": "syngo_MR_B17",
"MRAcquisitionType": "2D",
"SeriesDescription": "gre_field_mapping_4x4x4_36Slices",
"ProtocolName": "gre_field_mapping_4x4x4_36Slices",
"ScanningSequence": "GR",
"SequenceVariant": "SP",
"SequenceName": "_fm2d2r",
"ImageType": ["ORIGINAL", "PRIMARY", "M", "ND", "NORM"],
"SeriesNumber": 20,
"AcquisitionTime": "19:51:27.585000",
"AcquisitionNumber": 1,
"SliceThickness": 4,
"SpacingBetweenSlices": 4,
"SAR": 0.208683,
"EchoNumber": 2,
"EchoTime": 0.00765,
"RepetitionTime": 0.667,
"FlipAngle": 60,
"PartialFourier": 1,
"BaseResolution": 64,
"ShimSetting": [
-237,
-19567,
8044,
0,
138,
-244,
255,
-87	],
"TxRefAmp": 358,
"PhaseResolution": 1,
"ReceiveCoilName": "HeadMatrix",
"CoilString": "t:HEA;HEP",
"PulseSequenceDetails": "%SiemensSeq%_gre_field_mapping",
"PercentPhaseFOV": 100,
"PercentSampling": 100,
"PhaseEncodingSteps": 64,
"AcquisitionMatrixPE": 64,
"ReconMatrixPE": 64,
"PixelBandwidth": 528,
"DwellTime": 1.48e-05,
"PhaseEncodingDirection": "j-",
"SliceTiming": [
0.32812,
0,
0.35938,
0.01562,
0.375,
0.03125,
0.39062,
0.0625,
0.40625,
0.07812,
0.42188,
0.09375,
0.4375,
0.10938,
0.46875,
0.125,
0.48438,
0.14062,
0.5,
0.17188,
0.51562,
0.1875,
0.54688,
0.20312,
0.5625,
0.21875,
0.57812,
0.25,
0.59375,
0.26562,
0.60938,
0.28125,
0.625,
0.29688,
0.65625,
0.3125	],
"ImageOrientationPatientDICOM": [
0.996358,
-0.07107,
-0.047108,
0.0695757,
0.997043,
-0.0326384	],
"InPlanePhaseEncodingDirectionDICOM": "COL",
"ConversionSoftware": "dcm2niix",
"ConversionSoftwareVersion": "v1.0.20200331",
"IntendedFor": ["ses-40043/func/sub-CIMT001_ses-40043_task-rest_run-01_bold.nii.gz",
"ses-40043/func/sub-CIMT001_ses-40043_task-rest_run-02_bold.nii.gz",
"ses-40043/func/sub-CIMT001_ses-40043_task-rest_run-03_bold.nii.gz",
"ses-40043/func/sub-CIMT001_ses-40043_task-rest_run-04_bold.nii.gz",
"ses-40043/func/sub-CIMT001_ses-40043_task-motor_run-01_bold.nii.gz",
"ses-40043/func/sub-CIMT001_ses-40043_task-motor_run-02_bold.nii.gz",
"ses-40043/func/sub-CIMT001_ses-40043_task-motor_run-03_bold.nii.gz",
"ses-40043/func/sub-CIMT001_ses-40043_task-motor_run-04_bold.nii.gz"]
}
