{
	"Modality": "MR",
	"MagneticFieldStrength": 3,
	"ImagingFrequency": 123.256,
	"Manufacturer": "Siemens",
	"ManufacturersModelName": "TrioTim",
	"InstitutionName": "Washington_University",
	"InstitutionalDepartmentName": "Department",
	"InstitutionAddress": "Scott_Ave._4525_St._Louis_MO_US_63110",
	"DeviceSerialNumber": "35177",
	"StationName": "MRC35177",
	"BodyPartExamined": "HEAD",
	"PatientPosition": "HFS",
	"ProcedureStepDescription": "head_Dosenbach_MSC",
	"SoftwareVersions": "syngo_MR_B17",
	"MRAcquisitionType": "2D",
	"SeriesDescription": "gre_field_mapping_4x4x4_36Slices",
	"ProtocolName": "gre_field_mapping_4x4x4_36Slices",
	"ScanningSequence": "GR",
	"SequenceVariant": "SP",
	"SequenceName": "_fm2d2r",
	"ImageType": ["ORIGINAL", "PRIMARY", "P", "ND", "PHASE"],
	"SeriesNumber": 21,
	"AcquisitionTime": "18:31:32.937500",
	"AcquisitionNumber": 1,
	"SliceThickness": 4,
	"SpacingBetweenSlices": 4,
	"SAR": 0.173308,
	"EchoNumber": 2,
	"EchoTime1": 0.00519,
	"EchoTime2": 0.00765,
	"B0FieldIdentifier": "phasediff_fmap0",
	"RepetitionTime": 0.667,
	"FlipAngle": 60,
	"PartialFourier": 1,
	"BaseResolution": 64,
	"ShimSetting": [
		-201,
		-19568,
		8037,
		43,
		6,
		-398,
		402,
		-108	],
	"TxRefAmp": 353.987,
	"PhaseResolution": 1,
	"ReceiveCoilName": "HeadMatrix",
	"CoilString": "t:HEA;HEP",
	"PulseSequenceDetails": "%SiemensSeq%_gre_field_mapping",
	"PercentPhaseFOV": 100,
	"PercentSampling": 100,
	"PhaseEncodingSteps": 64,
	"AcquisitionMatrixPE": 64,
	"ReconMatrixPE": 64,
	"PixelBandwidth": 528,
	"DwellTime": 1.48e-05,
	"PhaseEncodingDirection": "j-",
	"SliceTiming": [
		0.32812,
		0,
		0.34375,
		0.01562,
		0.35938,
		0.03125,
		0.39062,
		0.04688,
		0.40625,
		0.0625,
		0.42188,
		0.07812,
		0.4375,
		0.10938,
		0.45312,
		0.125,
		0.46875,
		0.14062,
		0.5,
		0.15625,
		0.51562,
		0.17188,
		0.53125,
		0.20312,
		0.54688,
		0.21875,
		0.5625,
		0.23438,
		0.59375,
		0.25,
		0.60938,
		0.26562,
		0.625,
		0.29688,
		0.64062,
		0.3125	],
	"ImageOrientationPatientDICOM": [
		0.993867,
		-0.0906175,
		0.0633799,
		0.0922295,
		0.995473,
		-0.0229816	],
	"InPlanePhaseEncodingDirectionDICOM": "COL",
	"ConversionSoftware": "dcm2niix",
	"ConversionSoftwareVersion": "v1.0.20200331"
}
