{
"Modality": "MR",
"MagneticFieldStrength": 3,
"ImagingFrequency": 123.256,
"Manufacturer": "Siemens",
"ManufacturersModelName": "TrioTim",
"InstitutionName": "Washington_University",
"InstitutionalDepartmentName": "Department",
"InstitutionAddress": "Scott_Ave._4525_St._Louis_MO_US_63110",
"DeviceSerialNumber": "35177",
"StationName": "MRC35177",
"BodyPartExamined": "HEAD",
"PatientPosition": "HFS",
"ProcedureStepDescription": "head_Dosenbach_MSC",
"SoftwareVersions": "syngo_MR_B17",
"MRAcquisitionType": "2D",
"SeriesDescription": "gre_field_mapping_dti",
"ProtocolName": "gre_field_mapping_dti",
"ScanningSequence": "GR",
"SequenceVariant": "SP",
"SequenceName": "_fm2d2r",
"ImageType": ["ORIGINAL", "PRIMARY", "M", "ND"],
"SeriesNumber": 20,
"AcquisitionTime": "20:12:14.872500",
"AcquisitionNumber": 1,
"SliceThickness": 2,
"SpacingBetweenSlices": 2,
"SAR": 0.46358,
"EchoNumber": 2,
"EchoTime": 0.00605,
"RepetitionTime": 0.646,
"FlipAngle": 60,
"PartialFourier": 1,
"BaseResolution": 112,
"ShimSetting": [
-199,
-19501,
8090,
193,
-21,
-187,
31,
-102	],
"TxRefAmp": 361.141,
"PhaseResolution": 1,
"ReceiveCoilName": "HeadMatrix",
"CoilString": "C:HEA;HEP",
"PulseSequenceDetails": "%SiemensSeq%_gre_field_mapping",
"MultibandAccelerationFactor": 2,
"PercentPhaseFOV": 100,
"PercentSampling": 100,
"PhaseEncodingSteps": 112,
"AcquisitionMatrixPE": 112,
"ReconMatrixPE": 112,
"PixelBandwidth": 1539,
"DwellTime": 2.9e-06,
"PhaseEncodingDirection": "i",
"SliceTiming": [
0.32812,
0,
0.32812,
0.01562,
0.34375,
0.01562,
0.34375,
0.03125,
0.35938,
0.03125,
0.35938,
0.04688,
0.375,
0.04688,
0.375,
0.0625,
0.39062,
0.0625,
0.39062,
0.07812,
0.40625,
0.07812,
0.40625,
0.09375,
0.42188,
0.09375,
0.4375,
0.10938,
0.4375,
0.10938,
0.45312,
0.125,
0.45312,
0.125,
0.46875,
0.14062,
0.46875,
0.14062,
0.48438,
0.15625,
0.48438,
0.15625,
0.5,
0.17188,
0.5,
0.17188,
0.51562,
0.1875,
0.51562,
0.20312,
0.53125,
0.20312,
0.53125,
0.20312,
0.54688,
0.21875,
0.54688,
0.23438,
0.5625,
0.23438,
0.5625,
0.25,
0.57812,
0.25,
0.57812,
0.26562,
0.59375,
0.26562,
0.59375,
0.28125,
0.60938,
0.28125,
0.60938,
0.29688,
0.625,
0.29688,
0.64062,
0.3125,
0.64062,
0.3125	],
"ImageOrientationPatientDICOM": [
0.997913,
0.064486,
0.00320811,
-0.0639142,
0.993664,
-0.0924459	],
"InPlanePhaseEncodingDirectionDICOM": "ROW",
"ConversionSoftware": "dcm2niix",
"ConversionSoftwareVersion": "v1.0.20200331",
"IntendedFor": ["ses-39906/dwi/sub-CIMT001_ses-39906_run-01_dwi.nii.gz",
"ses-39906/dwi/sub-CIMT001_ses-39906_run-02_dwi.nii.gz",
"ses-39906/dwi/sub-CIMT001_ses-39906_run-03_dwi.nii.gz"]
}
