{
"Modality": "MR",
"MagneticFieldStrength": 3,
"ImagingFrequency": 123.256,
"Manufacturer": "Siemens",
"ManufacturersModelName": "TrioTim",
"InstitutionName": "Washington_University",
"InstitutionalDepartmentName": "Department",
"InstitutionAddress": "Scott_Ave._4525_St._Louis_MO_US_63110",
"DeviceSerialNumber": "35177",
"StationName": "MRC35177",
"BodyPartExamined": "HEAD",
"PatientPosition": "HFS",
"ProcedureStepDescription": "head_Dosenbach_MSC",
"SoftwareVersions": "syngo_MR_B17",
"MRAcquisitionType": "2D",
"SeriesDescription": "gre_field_mapping_4x4x4_36Slices",
"ProtocolName": "gre_field_mapping_4x4x4_36Slices",
"ScanningSequence": "GR",
"SequenceVariant": "SP",
"SequenceName": "_fm2d2r",
"ImageType": ["ORIGINAL", "PRIMARY", "M", "ND", "NORM"],
"SeriesNumber": 18,
"AcquisitionTime": "20:10:6.420000",
"AcquisitionNumber": 1,
"SliceThickness": 4,
"SpacingBetweenSlices": 4,
"SAR": 0.200648,
"EchoNumber": 2,
"EchoTime": 0.00765,
"RepetitionTime": 0.667,
"FlipAngle": 60,
"PartialFourier": 1,
"BaseResolution": 64,
"ShimSetting": [
-200,
-19521,
8041,
-3,
-50,
-279,
128,
-105	],
"TxRefAmp": 361.141,
"PhaseResolution": 1,
"ReceiveCoilName": "HeadMatrix",
"CoilString": "t:HEA;HEP",
"PulseSequenceDetails": "%SiemensSeq%_gre_field_mapping",
"PercentPhaseFOV": 100,
"PercentSampling": 100,
"PhaseEncodingSteps": 64,
"AcquisitionMatrixPE": 64,
"ReconMatrixPE": 64,
"PixelBandwidth": 528,
"DwellTime": 1.48e-05,
"PhaseEncodingDirection": "j-",
"SliceTiming": [
0.34375,
0,
0.35938,
0.03125,
0.375,
0.04688,
0.40625,
0.0625,
0.42188,
0.07812,
0.4375,
0.10938,
0.45312,
0.125,
0.46875,
0.14062,
0.48438,
0.15625,
0.51562,
0.17188,
0.53125,
0.1875,
0.54688,
0.21875,
0.5625,
0.23438,
0.57812,
0.25,
0.60938,
0.26562,
0.625,
0.28125,
0.64062,
0.29688,
0.65625,
0.32812	],
"ImageOrientationPatientDICOM": [
0.997911,
0.064521,
0.00320484,
-0.0639494,
0.993662,
-0.092446	],
"InPlanePhaseEncodingDirectionDICOM": "COL",
"ConversionSoftware": "dcm2niix",
"ConversionSoftwareVersion": "v1.0.20200331",
"IntendedFor": ["ses-39906/func/sub-CIMT001_ses-39906_task-rest_run-01_bold.nii.gz",
"ses-39906/func/sub-CIMT001_ses-39906_task-rest_run-02_bold.nii.gz",
"ses-39906/func/sub-CIMT001_ses-39906_task-rest_run-03_bold.nii.gz",
"ses-39906/func/sub-CIMT001_ses-39906_task-rest_run-04_bold.nii.gz",
"ses-39906/func/sub-CIMT001_ses-39906_task-motor_run-01_bold.nii.gz",
"ses-39906/func/sub-CIMT001_ses-39906_task-motor_run-02_bold.nii.gz",
"ses-39906/func/sub-CIMT001_ses-39906_task-motor_run-03_bold.nii.gz",
"ses-39906/func/sub-CIMT001_ses-39906_task-motor_run-04_bold.nii.gz",
"ses-39906/func/sub-CIMT001_ses-39906_task-motor_run-05_bold.nii.gz",
"ses-39906/func/sub-CIMT001_ses-39906_task-motor_run-06_bold.nii.gz",
"ses-39906/func/sub-CIMT001_ses-39906_task-motor_run-07_bold.nii.gz",
"ses-39906/func/sub-CIMT001_ses-39906_task-motor_run-08_bold.nii.gz"]
}
