{
	"Modality": "MR",
	"MagneticFieldStrength": 3,
	"ImagingFrequency": 123.256,
	"Manufacturer": "Siemens",
	"ManufacturersModelName": "TrioTim",
	"InstitutionName": "Washington_University",
	"InstitutionalDepartmentName": "Department",
	"InstitutionAddress": "Scott_Ave._4525_St._Louis_MO_US_63110",
	"DeviceSerialNumber": "35177",
	"StationName": "MRC35177",
	"BodyPartExamined": "HEAD",
	"PatientPosition": "HFS",
	"ProcedureStepDescription": "head_Dosenbach_MSC",
	"SoftwareVersions": "syngo_MR_B17",
	"MRAcquisitionType": "2D",
	"SeriesDescription": "MoCoSeries",
	"ProtocolName": "RSFC_216Frames_36Slices_TR2.2_MoCo",
	"ScanningSequence": "EP",
	"SequenceVariant": "SK",
	"ScanOptions": "FS",
	"SequenceName": "_epfid2d1_64",
	"ImageType": ["ORIGINAL", "PRIMARY", "M", "ND", "NORM", "MOCO", "MOSAIC"],
	"SeriesNumber": 8,
	"AcquisitionTime": "17:21:30.727500",
	"AcquisitionNumber": 1,
	"ImageComments": "Reference_volume_for_motion_correction.",
	"SliceThickness": 4,
	"SpacingBetweenSlices": 4,
	"SAR": 0.225313,
	"EchoTime": 0.027,
	"RepetitionTime": 2.2,
	"TaskName": "rest",
	"FlipAngle": 90,
	"PartialFourier": 1,
	"BaseResolution": 64,
	"ShimSetting": [
		-234,
		-19637,
		8070,
		70,
		90,
		-254,
		-16,
		-60	],
	"TxRefAmp": 358.675,
	"PhaseResolution": 1,
	"ReceiveCoilName": "HeadMatrix",
	"CoilString": "t:HEA;HEP",
	"PulseSequenceDetails": "%SiemensSeq%_ep2d_bold",
	"PercentPhaseFOV": 100,
	"PercentSampling": 100,
	"PhaseEncodingSteps": 64,
	"AcquisitionMatrixPE": 64,
	"ReconMatrixPE": 64,
	"BandwidthPerPixelPhaseEncode": 26.483,
	"EffectiveEchoSpacing": 0.000590001,
	"DerivedVendorReportedEchoSpacing": 0.000590001,
	"TotalReadoutTime": 0.0371701,
	"PixelBandwidth": 1905,
	"DwellTime": 4.1e-06,
	"PhaseEncodingDirection": "j-",
	"SliceTiming": [
		1.1025,
		0,
		1.165,
		0.06,
		1.225,
		0.1225,
		1.2875,
		0.1825,
		1.35,
		0.245,
		1.41,
		0.305,
		1.4725,
		0.3675,
		1.5325,
		0.43,
		1.595,
		0.49,
		1.655,
		0.5525,
		1.7175,
		0.6125,
		1.7775,
		0.675,
		1.84,
		0.735,
		1.9,
		0.7975,
		1.9625,
		0.8575,
		2.0225,
		0.92,
		2.085,
		0.98,
		2.1475,
		1.0425	],
	"ImageOrientationPatientDICOM": [
		0.988626,
		-0.147666,
		-0.0285235,
		0.149096,
		0.987175,
		0.0570629	],
	"InPlanePhaseEncodingDirectionDICOM": "COL",
	"ConversionSoftware": "dcm2niix",
	"ConversionSoftwareVersion": "v1.0.20200331"
}
