{
	"Modality": "MR",
	"MagneticFieldStrength": 3,
	"ImagingFrequency": 123.256,
	"Manufacturer": "Siemens",
	"ManufacturersModelName": "TrioTim",
	"InstitutionName": "Washington_University",
	"InstitutionalDepartmentName": "Department",
	"InstitutionAddress": "Scott_Ave._4525_St._Louis_MO_US_63110",
	"DeviceSerialNumber": "35177",
	"StationName": "MRC35177",
	"BodyPartExamined": "HEAD",
	"PatientPosition": "HFS",
	"ProcedureStepDescription": "head_Dosenbach_MSC",
	"SoftwareVersions": "syngo_MR_B17",
	"MRAcquisitionType": "2D",
	"SeriesDescription": "DTI15dir_b1400_lgFOV_av1",
	"ProtocolName": "DTI15dir_b1400_lgFOV_av1",
	"ScanningSequence": "EP",
	"SequenceVariant": "SK_SP",
	"ScanOptions": "PFP_FS",
	"SequenceName": "_ep_b0",
	"ImageType": ["ORIGINAL", "PRIMARY", "DIFFUSION", "NONE", "ND", "MOSAIC"],
	"SeriesNumber": 22,
	"AcquisitionTime": "20:16:1.300000",
	"AcquisitionNumber": 1,
	"SliceThickness": 2,
	"SpacingBetweenSlices": 2,
	"SAR": 0.408741,
	"EchoTime": 0.094,
	"RepetitionTime": 14.5,
	"FlipAngle": 90,
	"PartialFourier": 0.75,
	"BaseResolution": 112,
	"ShimSetting": [
		-194,
		-19488,
		8120,
		288,
		21,
		-74,
		-8,
		-93	],
	"DiffusionScheme": "Monopolar",
	"TxRefAmp": 361.141,
	"PhaseResolution": 1,
	"ReceiveCoilName": "HeadMatrix",
	"CoilString": "T:HEA;HEP",
	"PulseSequenceDetails": "%SiemensSeq%_ep2d_diff",
	"RefLinesPE": 24,
	"PercentPhaseFOV": 100,
	"PercentSampling": 100,
	"PhaseEncodingSteps": 83,
	"AcquisitionMatrixPE": 112,
	"ReconMatrixPE": 112,
	"BandwidthPerPixelPhaseEncode": 17.857,
	"ParallelReductionFactorInPlane": 2,
	"EffectiveEchoSpacing": 0.000500004,
	"DerivedVendorReportedEchoSpacing": 0.00100001,
	"TotalReadoutTime": 0.0555004,
	"PixelBandwidth": 1089,
	"DwellTime": 4.1e-06,
	"PhaseEncodingDirection": "j-",
	"SliceTiming": [
		7.28,
		0,
		7.46,
		0.1825,
		7.6425,
		0.365,
		7.825,
		0.545,
		8.0075,
		0.7275,
		8.19,
		0.91,
		8.37,
		1.0925,
		8.5525,
		1.275,
		8.735,
		1.455,
		8.9175,
		1.6375,
		9.0975,
		1.82,
		9.28,
		2.0025,
		9.4625,
		2.185,
		9.645,
		2.365,
		9.8275,
		2.5475,
		10.0075,
		2.73,
		10.19,
		2.9125,
		10.3725,
		3.095,
		10.555,
		3.275,
		10.7375,
		3.4575,
		10.9175,
		3.64,
		11.1,
		3.8225,
		11.2825,
		4.0025,
		11.465,
		4.185,
		11.6475,
		4.3675,
		11.8275,
		4.55,
		12.01,
		4.7325,
		12.1925,
		4.9125,
		12.375,
		5.095,
		12.555,
		5.2775,
		12.7375,
		5.46,
		12.92,
		5.6425,
		13.1025,
		5.8225,
		13.285,
		6.005,
		13.465,
		6.1875,
		13.6475,
		6.37,
		13.83,
		6.55,
		14.0125,
		6.7325,
		14.195,
		6.915,
		14.375,
		7.0975	],
	"ImageOrientationPatientDICOM": [
		1,
		0,
		0,
		0,
		1,
		0	],
	"InPlanePhaseEncodingDirectionDICOM": "COL",
	"ConversionSoftware": "dcm2niix",
	"ConversionSoftwareVersion": "v1.0.20200331"
}
