{
	"Modality": "MR",
	"MagneticFieldStrength": 3,
	"ImagingFrequency": 123.256,
	"Manufacturer": "Siemens",
	"ManufacturersModelName": "TrioTim",
	"InstitutionName": "Washington_University",
	"InstitutionalDepartmentName": "Department",
	"InstitutionAddress": "Scott_Ave._4525_St._Louis_MO_US_63110",
	"DeviceSerialNumber": "35177",
	"StationName": "MRC35177",
	"BodyPartExamined": "HEAD",
	"PatientPosition": "HFS",
	"ProcedureStepDescription": "head_Dosenbach_MSC",
	"SoftwareVersions": "syngo_MR_B17",
	"MRAcquisitionType": "2D",
	"SeriesDescription": "DTI17dir_b1400_lgFOV_av1",
	"ProtocolName": "DTI17dir_b1400_lgFOV_av1",
	"ScanningSequence": "EP",
	"SequenceVariant": "SK_SP",
	"ScanOptions": "PFP_FS",
	"SequenceName": "_ep_b0",
	"ImageType": ["ORIGINAL", "PRIMARY", "DIFFUSION", "NONE", "ND", "MOSAIC"],
	"SeriesNumber": 35,
	"AcquisitionTime": "18:19:4.322500",
	"AcquisitionNumber": 1,
	"SliceThickness": 2,
	"SpacingBetweenSlices": 2,
	"SAR": 0.369719,
	"EchoTime": 0.112,
	"RepetitionTime": 14.5,
	"FlipAngle": 90,
	"PartialFourier": 0.75,
	"BaseResolution": 112,
	"ShimSetting": [
		-239,
		-19616,
		8103,
		171,
		72,
		-181,
		-61,
		-69	],
	"DiffusionScheme": "Monopolar",
	"TxRefAmp": 358.675,
	"PhaseResolution": 1,
	"ReceiveCoilName": "HeadMatrix",
	"CoilString": "T:HEA;HEP",
	"PulseSequenceDetails": "%SiemensSeq%_ep2d_diff",
	"RefLinesPE": 24,
	"PercentPhaseFOV": 100,
	"PercentSampling": 100,
	"PhaseEncodingSteps": 83,
	"AcquisitionMatrixPE": 112,
	"ReconMatrixPE": 112,
	"BandwidthPerPixelPhaseEncode": 17.857,
	"ParallelReductionFactorInPlane": 2,
	"EffectiveEchoSpacing": 0.000500004,
	"DerivedVendorReportedEchoSpacing": 0.00100001,
	"TotalReadoutTime": 0.0555004,
	"PixelBandwidth": 1089,
	"DwellTime": 4.1e-06,
	"PhaseEncodingDirection": "j-",
	"SliceTiming": [
		7.2775,
		0,
		7.46,
		0.1825,
		7.6425,
		0.3625,
		7.825,
		0.545,
		8.005,
		0.7275,
		8.1875,
		0.91,
		8.37,
		1.09,
		8.5525,
		1.2725,
		8.735,
		1.455,
		8.915,
		1.6375,
		9.0975,
		1.82,
		9.28,
		2,
		9.4625,
		2.1825,
		9.6425,
		2.365,
		9.825,
		2.5475,
		10.0075,
		2.73,
		10.19,
		2.91,
		10.3725,
		3.0925,
		10.5525,
		3.275,
		10.735,
		3.4575,
		10.9175,
		3.6375,
		11.1,
		3.82,
		11.2825,
		4.0025,
		11.4625,
		4.185,
		11.645,
		4.3675,
		11.8275,
		4.5475,
		12.01,
		4.73,
		12.19,
		4.9125,
		12.3725,
		5.095,
		12.555,
		5.2775,
		12.7375,
		5.4575,
		12.92,
		5.64,
		13.1,
		5.8225,
		13.2825,
		6.005,
		13.465,
		6.1875,
		13.6475,
		6.3675,
		13.83,
		6.55,
		14.01,
		6.7325,
		14.1925,
		6.915,
		14.375,
		7.095	],
	"ImageOrientationPatientDICOM": [
		1,
		0,
		0,
		0,
		1,
		0	],
	"InPlanePhaseEncodingDirectionDICOM": "COL",
	"ConversionSoftware": "dcm2niix",
	"ConversionSoftwareVersion": "v1.0.20200331"
}
