{
	"Modality": "MR",
	"MagneticFieldStrength": 3,
	"ImagingFrequency": 123.256,
	"Manufacturer": "Siemens",
	"ManufacturersModelName": "TrioTim",
	"InstitutionName": "Washington_University",
	"InstitutionalDepartmentName": "Department",
	"InstitutionAddress": "Scott_Ave._4525_St._Louis_MO_US_63110",
	"DeviceSerialNumber": "35177",
	"StationName": "MRC35177",
	"BodyPartExamined": "HEAD",
	"PatientPosition": "HFS",
	"ProcedureStepDescription": "head_Dosenbach_MSC",
	"SoftwareVersions": "syngo_MR_B17",
	"MRAcquisitionType": "2D",
	"SeriesDescription": "MoCoSeries",
	"ProtocolName": "Motor_104Frames_36Slices_TR2.2_MoCo",
	"ScanningSequence": "EP",
	"SequenceVariant": "SK",
	"ScanOptions": "FS",
	"SequenceName": "_epfid2d1_64",
	"ImageType": ["ORIGINAL", "PRIMARY", "M", "ND", "NORM", "MOCO", "MOSAIC"],
	"SeriesNumber": 11,
	"AcquisitionTime": "19:20:51.670000",
	"AcquisitionNumber": 1,
	"ImageComments": "Reference_volume_for_motion_correction.",
	"SliceThickness": 4,
	"SpacingBetweenSlices": 4,
	"SAR": 0.256837,
	"EchoTime": 0.027,
	"RepetitionTime": 2.2,
	"TaskName": "motor",
	"FlipAngle": 90,
	"PartialFourier": 1,
	"BaseResolution": 64,
	"ShimSetting": [
		-221,
		-19499,
		8020,
		-53,
		93,
		-399,
		294,
		-37	],
	"TxRefAmp": 355.307,
	"PhaseResolution": 1,
	"ReceiveCoilName": "HeadMatrix",
	"CoilString": "t:HEA;HEP",
	"PulseSequenceDetails": "%SiemensSeq%_ep2d_bold",
	"PercentPhaseFOV": 100,
	"PercentSampling": 100,
	"PhaseEncodingSteps": 64,
	"AcquisitionMatrixPE": 64,
	"ReconMatrixPE": 64,
	"BandwidthPerPixelPhaseEncode": 26.483,
	"EffectiveEchoSpacing": 0.000590001,
	"DerivedVendorReportedEchoSpacing": 0.000590001,
	"TotalReadoutTime": 0.0371701,
	"PixelBandwidth": 1905,
	"DwellTime": 4.1e-06,
	"PhaseEncodingDirection": "j-",
	"SliceTiming": [
		1.105,
		0,
		1.1675,
		0.0625,
		1.2275,
		0.1225,
		1.29,
		0.185,
		1.35,
		0.245,
		1.4125,
		0.3075,
		1.4725,
		0.37,
		1.535,
		0.43,
		1.595,
		0.4925,
		1.6575,
		0.5525,
		1.7175,
		0.615,
		1.78,
		0.675,
		1.84,
		0.7375,
		1.9025,
		0.7975,
		1.965,
		0.86,
		2.025,
		0.92,
		2.0875,
		0.9825,
		2.1475,
		1.0425	],
	"ImageOrientationPatientDICOM": [
		0.998934,
		-0.00966079,
		-0.0451442,
		0.00281996,
		0.988803,
		-0.149203	],
	"InPlanePhaseEncodingDirectionDICOM": "COL",
	"ConversionSoftware": "dcm2niix",
	"ConversionSoftwareVersion": "v1.0.20200331"
}
