{
"Modality": "MR",
"MagneticFieldStrength": 3,
"ImagingFrequency": 123.256,
"Manufacturer": "Siemens",
"ManufacturersModelName": "TrioTim",
"InstitutionName": "Washington_University",
"InstitutionalDepartmentName": "Department",
"InstitutionAddress": "Scott_Ave._4525_St._Louis_MO_US_63110",
"DeviceSerialNumber": "35177",
"StationName": "MRC35177",
"BodyPartExamined": "HEAD",
"PatientPosition": "HFS",
"ProcedureStepDescription": "head_Dosenbach_MSC",
"SoftwareVersions": "syngo_MR_B17",
"MRAcquisitionType": "2D",
"SeriesDescription": "gre_field_mapping_4x4x4_36Slices",
"ProtocolName": "gre_field_mapping_4x4x4_36Slices",
"ScanningSequence": "GR",
"SequenceVariant": "SP",
"SequenceName": "_fm2d2r",
"ImageType": ["ORIGINAL", "PRIMARY", "M", "ND", "NORM"],
"SeriesNumber": 11,
"AcquisitionTime": "18:17:11.345000",
"AcquisitionNumber": 1,
"SliceThickness": 4,
"SpacingBetweenSlices": 4,
"SAR": 0.160116,
"EchoNumber": 2,
"EchoTime": 0.00765,
"RepetitionTime": 0.667,
"FlipAngle": 60,
"PartialFourier": 1,
"BaseResolution": 64,
"ShimSetting": [
-208,
-19608,
8038,
120,
-105,
-476,
389,
-157	],
"TxRefAmp": 325.096,
"PhaseResolution": 1,
"ReceiveCoilName": "HeadMatrix",
"CoilString": "t:HEA;HEP",
"PulseSequenceDetails": "%SiemensSeq%_gre_field_mapping",
"PercentPhaseFOV": 100,
"PercentSampling": 100,
"PhaseEncodingSteps": 64,
"AcquisitionMatrixPE": 64,
"ReconMatrixPE": 64,
"PixelBandwidth": 528,
"DwellTime": 1.48e-05,
"PhaseEncodingDirection": "j-",
"SliceTiming": [
0.32812,
0,
0.34375,
0.01562,
0.35938,
0.03125,
0.39062,
0.04688,
0.40625,
0.0625,
0.42188,
0.09375,
0.4375,
0.10938,
0.45312,
0.125,
0.48438,
0.14062,
0.5,
0.15625,
0.51562,
0.17188,
0.53125,
0.20312,
0.54688,
0.21875,
0.5625,
0.23438,
0.59375,
0.25,
0.60938,
0.26562,
0.625,
0.29688,
0.64062,
0.3125	],
"ImageOrientationPatientDICOM": [
0.99918,
0.0401458,
0.0052844,
-0.0402479,
0.998971,
0.0208938	],
"InPlanePhaseEncodingDirectionDICOM": "COL",
"ConversionSoftware": "dcm2niix",
"ConversionSoftwareVersion": "v1.0.20200331",
"IntendedFor": ["ses-38781/func/sub-CIMT001_ses-38781_task-rest_run-01_bold.nii.gz",
"ses-38781/func/sub-CIMT001_ses-38781_task-rest_run-02_bold.nii.gz",
"ses-38781/func/sub-CIMT001_ses-38781_task-motor_run-01_bold.nii.gz",
"ses-38781/func/sub-CIMT001_ses-38781_task-motor_run-02_bold.nii.gz"]
}
